GEM
  remote: http://rubygems.org/
  specs:
    rack (1.6.4)
    rails_12factor (0.0.3)
      rails_serve_static_assets
      rails_stdout_logging
    rails_serve_static_assets (0.0.4)
    rails_stdout_logging (0.0.3)

PLATFORMS
  ruby

DEPENDENCIES
  rack
  rails_12factor
